GIT
  remote: git://github.com/toroidal-code/ficrip.git
  revision: 6a21114cf8947ebe7aa21b483646713ebe0d982d
  branch: master
  specs:
    ficrip (0.0.1)
      contracts (~> 0.14)
      fastimage (~> 1.8)
      gepub (= 0.7.0beta3)
      i18n_data (~> 0.7)
      nokogiri (~> 1.6)
      ruby-progressbar (~> 1.8)
      slop (~> 4.3)

GEM
  remote: https://rubygems.org/
  specs:
    activesupport (4.2.7)
      i18n (~> 0.7)
      json (~> 1.7, >= 1.7.7)
      minitest (~> 5.1)
      thread_safe (~> 0.3, >= 0.3.4)
      tzinfo (~> 1.1)
    addressable (2.3.8)
    concurrent-ruby (1.0.2)
    concurrent-ruby-ext (1.0.2)
      concurrent-ruby (~> 1.0.2)
    contracts (0.14.0)
    fastimage (1.9.0)
      addressable (~> 2.3.5)
    gepub (0.7.0beta3)
      nokogiri (~> 1.6.1)
      rubyzip (>= 1.1.1)
    haml (4.0.7)
      tilt
    i18n (0.7.0)
    i18n_data (0.7.0)
    json (1.8.3)
    message_bus (2.0.1)
      rack (>= 1.1.3)
    mini_portile2 (2.1.0)
    minitest (5.9.0)
    nokogiri (1.6.8)
      mini_portile2 (~> 2.1.0)
      pkg-config (~> 1.1.7)
    padrino-helpers (0.13.2)
      i18n (~> 0.6, >= 0.6.7)
      padrino-support (= 0.13.2)
      tilt (>= 1.4.1, < 3)
    padrino-support (0.13.2)
      activesupport (>= 3.1)
    pkg-config (1.1.7)
    puma (3.5.2)
    rack (1.5.2)
    rack-protection (1.5.3)
      rack
    rake (11.2.2)
    ruby-progressbar (1.8.1)
    rubyzip (1.2.0)
    rufus-scheduler (3.2.1)
    sinatra (1.4.7)
      rack (~> 1.5)
      rack-protection (~> 1.4)
      tilt (>= 1.3, < 3)
    slop (4.3.0)
    thread_safe (0.3.5)
    tilt (2.0.5)
    tzinfo (1.2.2)
      thread_safe (~> 0.1)

PLATFORMS
  ruby

DEPENDENCIES
  activesupport (< 5.0.0)
  concurrent-ruby (~> 1.0.2)
  concurrent-ruby-ext
  ficrip!
  haml (~> 4.0.7)
  message_bus (~> 2.0.1)
  padrino-helpers (~> 0.13)
  puma
  rack (= 1.5.2)
  rake
  rufus-scheduler (~> 3.2)
  sinatra (= 1.4.7)

BUNDLED WITH
   1.12.5
