GIT
  remote: https://github.com/toroidal-code/ficrip.git
  revision: a16366445b629786fd429eb8cb18f05b73b28a58
  branch: master
  specs:
    ficrip (0.0.2)
      chronic_duration (~> 0.10)
      contracts (~> 0.16)
      fastimage (~> 2.2)
      gepub (= 0.7.0beta3)
      i18n_data (~> 0.13)
      mimemagic (~> 0.3)
      nokogiri (~> 1.6)
      oj (~> 3.0)
      retryable (~> 3.0)
      ruby-progressbar (~> 1.11)
      slop (~> 4.8)

GEM
  remote: https://rubygems.org/
  specs:
    activesupport (5.2.4.5)
      concurrent-ruby (~> 1.0, >= 1.0.2)
      i18n (>= 0.7, < 2)
      minitest (~> 5.1)
      tzinfo (~> 1.1)
    chronic_duration (0.10.6)
      numerizer (~> 0.1.1)
    coderay (1.1.3)
    coffee-script (2.4.1)
      coffee-script-source
      execjs
    coffee-script-source (1.12.2)
    concurrent-ruby (1.1.8)
    concurrent-ruby-ext (1.1.8)
      concurrent-ruby (= 1.1.8)
    contracts (0.16.0)
    et-orbi (1.2.4)
      tzinfo
    execjs (2.7.0)
    fastimage (2.2.2)
    ffi (1.14.2)
    fugit (1.4.2)
      et-orbi (~> 1.1, >= 1.1.8)
      raabro (~> 1.4)
    gepub (0.7.0beta3)
      nokogiri (~> 1.6.1)
      rubyzip (>= 1.1.1)
    i18n (1.8.9)
      concurrent-ruby (~> 1.0)
    i18n_data (0.13.0)
    method_source (1.0.0)
    mimemagic (0.3.5)
    mini_portile2 (2.1.0)
    minitest (5.14.3)
    nio4r (2.5.5)
    nokogiri (1.6.8.1)
      mini_portile2 (~> 2.1.0)
    numerizer (0.1.1)
    oj (3.11.2)
    oj_mimic_json (1.0.1)
    padrino-helpers (0.15.0)
      i18n (>= 0.6.7, < 2)
      padrino-support (= 0.15.0)
      tilt (>= 1.4.1, < 3)
    padrino-support (0.15.0)
    pry (0.14.0)
      coderay (~> 1.1)
      method_source (~> 1.0)
    puma (4.3.7)
      nio4r (~> 2.0)
    raabro (1.4.0)
    rack (1.6.13)
    rack-protection (1.5.5)
      rack
    rake (13.0.3)
    rb-fsevent (0.10.4)
    rb-inotify (0.10.1)
      ffi (~> 1.0)
    retryable (3.0.5)
    ruby-progressbar (1.11.0)
    rubyzip (2.3.0)
    rufus-scheduler (3.7.0)
      fugit (~> 1.1, >= 1.1.6)
    sass (3.7.4)
      sass-listen (~> 4.0.0)
    sass-listen (4.0.0)
      rb-fsevent (~> 0.9, >= 0.9.4)
      rb-inotify (~> 0.9, >= 0.9.7)
    sinatra (1.4.8)
      rack (~> 1.5)
      rack-protection (~> 1.4)
      tilt (>= 1.3, < 3)
    sinatra-asset-pipeline (0.5.0)
      coffee-script
      rake
      sass
      sinatra
      sprockets
      sprockets-helpers
      sprockets-sass
    slim (4.1.0)
      temple (>= 0.7.6, < 0.9)
      tilt (>= 2.0.6, < 2.1)
    slop (4.8.2)
    sprockets (3.7.2)
      concurrent-ruby (~> 1.0)
      rack (> 1, < 3)
    sprockets-helpers (1.4.0)
      sprockets (>= 2.2)
    sprockets-sass (2.0.0.beta2)
      sprockets (>= 2.0, < 4.0)
    temple (0.8.2)
    thread_safe (0.3.6)
    tilt (2.0.10)
    tzinfo (1.2.9)
      thread_safe (~> 0.1)
    uglifier (4.2.0)
      execjs (>= 0.3.0, < 3)

PLATFORMS
  ruby

DEPENDENCIES
  activesupport (~> 5.2)
  concurrent-ruby (~> 1.1.0)
  concurrent-ruby-ext
  ficrip!
  oj
  oj_mimic_json
  padrino-helpers (~> 0.13)
  pry
  puma (~> 4)
  rake
  retryable
  rufus-scheduler (~> 3.7)
  sass
  sinatra (= 1.4.8)
  sinatra-asset-pipeline
  slim
  uglifier

RUBY VERSION
   ruby 3.0.0p0

BUNDLED WITH
   2.2.8
