GIT
  remote: git://github.com/toroidal-code/ficrip.git
  revision: d9f3d940d55b3dd377d5a7f82c48b55bf35a98ca
  branch: master
  specs:
    ficrip (0.0.2)
      chronic_duration (~> 0.10)
      contracts (~> 0.14)
      fastimage (~> 2.0)
      gepub (= 0.7.0beta3)
      i18n_data (~> 0.7)
      mimemagic (~> 0.3)
      nokogiri (~> 1.6)
      retryable (~> 2.0)
      ruby-progressbar (~> 1.8)
      slop (~> 4.3)

GEM
  remote: https://rubygems.org/
  specs:
    activesupport (5.0.0)
      concurrent-ruby (~> 1.0, >= 1.0.2)
      i18n (~> 0.7)
      minitest (~> 5.1)
      tzinfo (~> 1.1)
    addressable (2.4.0)
    chronic_duration (0.10.6)
      numerizer (~> 0.1.1)
    concurrent-ruby (1.0.2)
    concurrent-ruby-ext (1.0.2)
      concurrent-ruby (~> 1.0.2)
    contracts (0.14.0)
    execjs (2.7.0)
    fastimage (2.0.0)
      addressable (~> 2)
    gepub (0.7.0beta3)
      nokogiri (~> 1.6.1)
      rubyzip (>= 1.1.1)
    i18n (0.7.0)
    i18n_data (0.7.0)
    mimemagic (0.3.1)
    mini_portile2 (2.1.0)
    minitest (5.9.0)
    newrelic_rpm (3.16.0.318)
    nokogiri (1.6.8)
      mini_portile2 (~> 2.1.0)
      pkg-config (~> 1.1.7)
    numerizer (0.1.1)
    oj (2.17.1)
    oj_mimic_json (1.0.1)
    padrino-helpers (0.13.2)
      i18n (~> 0.6, >= 0.6.7)
      padrino-support (= 0.13.2)
      tilt (>= 1.4.1, < 3)
    padrino-support (0.13.2)
      activesupport (>= 3.1)
    pkg-config (1.1.7)
    puma (3.6.0)
    rack (1.6.4)
    rack-protection (1.5.3)
      rack
    rake (11.2.2)
    retryable (2.0.4)
    ruby-progressbar (1.8.1)
    rubyzip (1.2.0)
    rufus-scheduler (3.2.1)
    sass (3.4.22)
    sinatra (1.4.7)
      rack (~> 1.5)
      rack-protection (~> 1.4)
      tilt (>= 1.3, < 3)
    slim (3.0.7)
      temple (~> 0.7.6)
      tilt (>= 1.3.3, < 2.1)
    slop (4.3.0)
    sprockets (3.7.0)
      concurrent-ruby (~> 1.0)
      rack (> 1, < 3)
    temple (0.7.7)
    thread_safe (0.3.5)
    tilt (2.0.5)
    tzinfo (1.2.2)
      thread_safe (~> 0.1)
    uglifier (3.0.1)
      execjs (>= 0.3.0, < 3)

PLATFORMS
  ruby

DEPENDENCIES
  concurrent-ruby (~> 1.0.2)
  concurrent-ruby-ext
  ficrip!
  newrelic_rpm
  oj
  oj_mimic_json
  padrino-helpers (~> 0.13)
  puma
  rake
  retryable
  rufus-scheduler (~> 3.2)
  sass
  sinatra (~> 1.4.7)
  slim
  sprockets
  uglifier

BUNDLED WITH
   1.10.6
