GIT
  remote: https://github.com/toroidal-code/ficrip.git
  revision: 308f91efc7f7cc78542e54391d2cf497265eddbf
  branch: master
  specs:
    ficrip (0.0.2)
      chronic_duration (~> 0.10)
      contracts (~> 0.16)
      fastimage (~> 2.2)
      gepub (= 1.0.13)
      i18n_data (~> 0.13)
      mimemagic (~> 0.3)
      nokogiri (~> 1.6)
      oj (~> 3.0)
      retryable (~> 3.0)
      ruby-progressbar (~> 1.11)
      slop (~> 4.8)

GEM
  remote: https://rubygems.org/
  specs:
    activesupport (6.1.3)
      concurrent-ruby (~> 1.0, >= 1.0.2)
      i18n (>= 1.6, < 2)
      minitest (>= 5.1)
      tzinfo (~> 2.0)
      zeitwerk (~> 2.3)
    chronic_duration (0.10.6)
      numerizer (~> 0.1.1)
    coffee-script (2.4.1)
      coffee-script-source
      execjs
    coffee-script-source (1.12.2)
    concurrent-ruby (1.1.8)
    contracts (0.16.0)
    et-orbi (1.2.4)
      tzinfo
    execjs (2.7.0)
    fastimage (2.2.2)
    ffi (1.14.2)
    fugit (1.4.2)
      et-orbi (~> 1.1, >= 1.1.8)
      raabro (~> 1.4)
    gepub (1.0.13)
      nokogiri (>= 1.8.2, < 1.12)
      rubyzip (> 1.1.1, < 2.4)
    i18n (1.8.9)
      concurrent-ruby (~> 1.0)
    i18n_data (0.13.0)
    libv8 (3.16.14.19)
    mimemagic (0.3.5)
    mini_portile2 (2.5.0)
    minitest (5.14.3)
    mustermann (2.0.2)
      ruby2_keywords (~> 0.0.1)
    nio4r (2.5.5)
    nokogiri (1.11.1)
      mini_portile2 (~> 2.5.0)
      racc (~> 1.4)
    numerizer (0.1.1)
    oj (3.11.2)
    oj_mimic_json (1.0.1)
    padrino-helpers (0.15.0)
      i18n (>= 0.6.7, < 2)
      padrino-support (= 0.15.0)
      tilt (>= 1.4.1, < 3)
    padrino-support (0.15.0)
    puma (5.2.1)
      nio4r (~> 2.0)
    raabro (1.4.0)
    racc (1.5.2)
    rack (2.2.4)
    rack-protection (2.2.3)
      rack
    rake (13.0.3)
    rb-fsevent (0.10.4)
    rb-inotify (0.10.1)
      ffi (~> 1.0)
    ref (2.0.0)
    retryable (3.0.5)
    ruby-progressbar (1.11.0)
    ruby2_keywords (0.0.5)
    rubyzip (2.3.0)
    rufus-scheduler (3.7.0)
      fugit (~> 1.1, >= 1.1.6)
    sass (3.7.4)
      sass-listen (~> 4.0.0)
    sass-listen (4.0.0)
      rb-fsevent (~> 0.9, >= 0.9.4)
      rb-inotify (~> 0.9, >= 0.9.7)
    sinatra (2.2.3)
      mustermann (~> 2.0)
      rack (~> 2.2)
      rack-protection (= 2.2.3)
      tilt (~> 2.0)
    sinatra-asset-pipeline (0.5.0)
      coffee-script
      rake
      sass
      sinatra
      sprockets
      sprockets-helpers
      sprockets-sass
    slim (4.1.0)
      temple (>= 0.7.6, < 0.9)
      tilt (>= 2.0.6, < 2.1)
    slop (4.8.2)
    sprockets (3.7.2)
      concurrent-ruby (~> 1.0)
      rack (> 1, < 3)
    sprockets-helpers (1.4.0)
      sprockets (>= 2.2)
    sprockets-sass (2.0.0.beta2)
      sprockets (>= 2.0, < 4.0)
    temple (0.8.2)
    therubyracer (0.12.3)
      libv8 (~> 3.16.14.15)
      ref
    tilt (2.0.11)
    tzinfo (2.0.4)
      concurrent-ruby (~> 1.0)
    uglifier (4.2.0)
      execjs (>= 0.3.0, < 3)
    zeitwerk (2.4.2)

PLATFORMS
  ruby

DEPENDENCIES
  activesupport (~> 6)
  ficrip!
  oj
  oj_mimic_json
  padrino-helpers (~> 0.13)
  puma
  rake
  retryable
  rufus-scheduler (~> 3.7)
  sass
  sinatra (= 2.2.3)
  sinatra-asset-pipeline
  slim
  therubyracer
  uglifier

RUBY VERSION
   ruby 3.0.0p0

BUNDLED WITH
   2.2.8
